GEM
  remote: https://rubygems.org/
  specs:
    addressable (2.8.7)
      public_suffix (>= 2.0.2, < 7.0)
    bigdecimal (3.1.8)
    buftok (0.3.0)
    concurrent-ruby (1.3.4)
    domain_name (0.6.20240107)
    dotenv (3.1.2)
    et-orbi (1.2.11)
      tzinfo
    faraday (2.11.0)
      faraday-net_http (>= 2.0, < 3.4)
      logger
    faraday-net_http (3.3.0)
      net-http
    fugit (1.11.1)
      et-orbi (~> 1, >= 1.2.11)
      raabro (~> 1.4)
    http (3.3.0)
      addressable (~> 2.3)
      http-cookie (~> 1.0)
      http-form_data (~> 2.0)
      http_parser.rb (~> 0.6.0)
    http-cookie (1.0.7)
      domain_name (~> 0.5)
    http-form_data (2.3.0)
    http_parser.rb (0.6.0)
    json (2.7.2)
    logger (1.6.0)
    mastodon-api (2.0.0)
      addressable (~> 2.6)
      buftok (~> 0)
      http (~> 3.3)
      oj (~> 3.7)
    net-http (0.4.1)
      uri
    oj (3.16.5)
      bigdecimal (>= 3.0)
      ostruct (>= 0.2)
    ostruct (0.6.0)
    public_suffix (6.0.1)
    raabro (1.4.0)
    rufus-scheduler (3.9.1)
      fugit (~> 1.1, >= 1.1.6)
    tzinfo (2.0.6)
      concurrent-ruby (~> 1.0)
    uri (0.13.1)

PLATFORMS
  ruby
  x86_64-linux

DEPENDENCIES
  dotenv
  faraday
  json
  mastodon-api
  rufus-scheduler

BUNDLED WITH
   2.5.11
